GEM
  remote: https://rubygems.org/
  specs:
    daemons (1.2.6)
    eventmachine (1.2.6)
    rack (1.6.10)
    rack-protection (1.5.5)
      rack
    redis (3.2.2)
    sinatra (1.4.8)
      rack (~> 1.5)
      rack-protection (~> 1.4)
      tilt (>= 1.3, < 3)
    thin (1.6.4)
      daemons (~> 1.0, >= 1.0.9)
      eventmachine (~> 1.0, >= 1.0.4)
      rack (~> 1.0)
    tilt (2.0.8)

PLATFORMS
  ruby

DEPENDENCIES
  redis (~> 3.2.0)
  sinatra (~> 1.4.0)
  thin (~> 1.6.0)

RUBY VERSION
   ruby 2.2.2p95

BUNDLED WITH
   1.16.1
